GEM
  remote: https://rubygems.org/
  specs:
    addressable (2.3.8)
    dotenv (2.0.2)
    faraday (0.9.1)
      multipart-post (>= 1.2, < 3)
    foreman (0.78.0)
      thor (~> 0.19.1)
    multipart-post (2.0.0)
    mustermann (2.0.2)
      ruby2_keywords (~> 0.0.1)
    octokit (4.1.1)
      sawyer (~> 0.6.0, >= 0.5.3)
    rack (2.2.4)
    rack-protection (2.2.3)
      rack
    ruby2_keywords (0.0.5)
    sawyer (0.6.0)
      addressable (~> 2.3.5)
      faraday (~> 0.8, < 0.10)
    sinatra (2.2.3)
      mustermann (~> 2.0)
      rack (~> 2.2)
      rack-protection (= 2.2.3)
      tilt (~> 2.0)
    thor (0.19.1)
    tilt (2.0.11)

PLATFORMS
  ruby

DEPENDENCIES
  dotenv
  foreman
  octokit
  sinatra

BUNDLED WITH
   1.10.6
